GEM
  remote: https://rubygems.org/
  specs:
    coderay (1.1.2)
    method_source (1.0.0)
    mini_portile2 (2.4.0)
    nokogiri (1.10.10)
      mini_portile2 (~> 2.4.0)
    oj (3.10.6)
    ougai (1.8.2)
      oj (~> 3.4)
    pg (1.2.3)
    pry (0.13.0)
      coderay (~> 1.1)
      method_source (~> 1.0)
    sqlite3 (1.4.2)

PLATFORMS
  ruby

DEPENDENCIES
  nokogiri (~> 1.6, >= 1.6.8)
  ougai (~> 1.8, >= 1.8.2)
  pg
  pry
  sqlite3 (~> 1.3, >= 1.3.11)

BUNDLED WITH
   2.1.4
