GEM
  remote: https://rubygems.org/
  specs:
    coderay (1.1.2)
    method_source (1.0.0)
    oj (3.10.6)
    ougai (1.8.2)
      oj (~> 3.4)
    pry (0.13.0)
      coderay (~> 1.1)
      method_source (~> 1.0)

PLATFORMS
  ruby

DEPENDENCIES
  ougai (~> 1.8, >= 1.8.2)
  pry

BUNDLED WITH
   2.1.4
